GEM
  remote: http://rubygems.org/
  specs:
    higcm (0.0.5)
      typhoeus (~> 0.3.3)
    json (1.7.5)
    listen (0.5.2)
    mime-types (1.19)
    rack (1.4.1)
    rack-protection (1.2.0)
      rack
    sinatra (1.3.2)
      rack (~> 1.3, >= 1.3.6)
      rack-protection (~> 1.2)
      tilt (~> 1.3, >= 1.3.3)
    tilt (1.3.3)
    typhoeus (0.3.3)
      mime-types

PLATFORMS
  ruby

DEPENDENCIES
  higcm
  json
  listen
  sinatra
